GEM
  remote: https://rubygems.org/
  specs:
    byebug (10.0.2)
    concurrent-ruby (1.0.5)
    rack (2.0.5)
    rake (12.3.1)
    slim (1.1.0)
      temple (~> 0.3.5)
      tilt (~> 1.3.2)
    sprockets (3.7.2)
      concurrent-ruby (~> 1.0)
      rack (> 1, < 3)
    sprockets-standalone (3.0.1)
      rake
      sprockets (~> 3.0)
    temple (0.3.5)
    tilt (1.3.7)

PLATFORMS
  ruby

DEPENDENCIES
  byebug
  slim
  sprockets-standalone

BUNDLED WITH
   1.16.1
